GEM
  remote: https://rubygems.org/
  specs:
    json (1.8.1)
    rack (1.5.2)
    rack-protection (1.5.1)
      rack
    sinatra (1.4.4)
      rack (~> 1.4)
      rack-protection (~> 1.4)
      tilt (~> 1.3, >= 1.3.4)
    sunlight (1.1.0)
      json (>= 1.1.3)
      ym4r (>= 0.6.1)
    tilt (1.4.1)
    ym4r (0.6.1)

PLATFORMS
  ruby

DEPENDENCIES
  sinatra
  sunlight
